GIT
  remote: https://github.com/soutaro/steep.git
  revision: 5458787ed7cfd02de783fd6d31a3aed5041cef4d
  specs:
    steep (0.46.0)
      activesupport (>= 5.1)
      language_server-protocol (>= 3.15, < 4.0)
      listen (~> 3.0)
      parallel (>= 1.0.0)
      parser (>= 3.0)
      rainbow (>= 2.2.2, < 4.0)
      rbs (>= 1.6.0)
      terminal-table (>= 2, < 4)

GEM
  remote: https://rubygems.org/
  specs:
    actioncable (6.0.4.1)
      actionpack (= 6.0.4.1)
      nio4r (~> 2.0)
      websocket-driver (>= 0.6.1)
    actionmailbox (6.0.4.1)
      actionpack (= 6.0.4.1)
      activejob (= 6.0.4.1)
      activerecord (= 6.0.4.1)
      activestorage (= 6.0.4.1)
      activesupport (= 6.0.4.1)
      mail (>= 2.7.1)
    actionmailer (6.0.4.1)
      actionpack (= 6.0.4.1)
      actionview (= 6.0.4.1)
      activejob (= 6.0.4.1)
      mail (~> 2.5, >= 2.5.4)
      rails-dom-testing (~> 2.0)
    actionpack (6.0.4.1)
      actionview (= 6.0.4.1)
      activesupport (= 6.0.4.1)
      rack (~> 2.0, >= 2.0.8)
      rack-test (>= 0.6.3)
      rails-dom-testing (~> 2.0)
      rails-html-sanitizer (~> 1.0, >= 1.2.0)
    actiontext (6.0.4.1)
      actionpack (= 6.0.4.1)
      activerecord (= 6.0.4.1)
      activestorage (= 6.0.4.1)
      activesupport (= 6.0.4.1)
      nokogiri (>= 1.8.5)
    actionview (6.0.4.1)
      activesupport (= 6.0.4.1)
      builder (~> 3.1)
      erubi (~> 1.4)
      rails-dom-testing (~> 2.0)
      rails-html-sanitizer (~> 1.1, >= 1.2.0)
    active_hash (3.1.0)
      activesupport (>= 5.0.0)
    activejob (6.0.4.1)
      activesupport (= 6.0.4.1)
      globalid (>= 0.3.6)
    activemodel (6.0.4.1)
      activesupport (= 6.0.4.1)
    activerecord (6.0.4.1)
      activemodel (= 6.0.4.1)
      activesupport (= 6.0.4.1)
    activerecord-nulldb-adapter (0.7.0)
      activerecord (>= 5.2.0, < 6.3)
    activestorage (6.0.4.1)
      actionpack (= 6.0.4.1)
      activejob (= 6.0.4.1)
      activerecord (= 6.0.4.1)
      marcel (~> 1.0.0)
    activesupport (6.0.4.1)
      concurrent-ruby (~> 1.0, >= 1.0.2)
      i18n (>= 0.7, < 2)
      minitest (~> 5.1)
      tzinfo (~> 1.1)
      zeitwerk (~> 2.2, >= 2.2.2)
    addressable (2.8.0)
      public_suffix (>= 2.0.2, < 5.0)
    annotate (3.1.1)
      activerecord (>= 3.2, < 7.0)
      rake (>= 10.4, < 14.0)
    ast (2.4.2)
    awesome_nested_set (3.3.1)
      activerecord (>= 4.0.0, < 7.0)
    aws-eventstream (1.1.0)
    aws-partitions (1.423.0)
    aws-record (2.5.0)
      aws-sdk-dynamodb (~> 1.18)
    aws-sdk-core (3.112.0)
      aws-eventstream (~> 1, >= 1.0.2)
      aws-partitions (~> 1, >= 1.239.0)
      aws-sigv4 (~> 1.1)
      jmespath (~> 1.0)
    aws-sdk-dynamodb (1.59.0)
      aws-sdk-core (~> 3, >= 3.112.0)
      aws-sigv4 (~> 1.1)
    aws-sdk-ivs (1.9.0)
      aws-sdk-core (~> 3, >= 3.112.0)
      aws-sigv4 (~> 1.1)
    aws-sdk-kms (1.42.0)
      aws-sdk-core (~> 3, >= 3.112.0)
      aws-sigv4 (~> 1.1)
    aws-sdk-medialive (1.73.0)
      aws-sdk-core (~> 3, >= 3.112.0)
      aws-sigv4 (~> 1.1)
    aws-sdk-mediapackage (1.40.0)
      aws-sdk-core (~> 3, >= 3.112.0)
      aws-sigv4 (~> 1.1)
    aws-sdk-rails (3.6.0)
      aws-record (~> 2)
      aws-sdk-ses (~> 1)
      aws-sdk-sqs (~> 1)
      aws-sessionstore-dynamodb (~> 2)
      concurrent-ruby (~> 1)
      railties (>= 5.2.0)
    aws-sdk-s3 (1.88.0)
      aws-sdk-core (~> 3, >= 3.112.0)
      aws-sdk-kms (~> 1)
      aws-sigv4 (~> 1.1)
    aws-sdk-ses (1.37.0)
      aws-sdk-core (~> 3, >= 3.112.0)
      aws-sigv4 (~> 1.1)
    aws-sdk-sqs (1.36.0)
      aws-sdk-core (~> 3, >= 3.112.0)
      aws-sigv4 (~> 1.1)
    aws-sdk-ssm (1.112.0)
      aws-sdk-core (~> 3, >= 3.112.0)
      aws-sigv4 (~> 1.1)
    aws-sessionstore-dynamodb (2.0.1)
      aws-sdk-dynamodb (~> 1)
      rack (~> 2)
    aws-sigv4 (1.2.2)
      aws-eventstream (~> 1, >= 1.0.2)
    bindex (0.8.1)
    bootsnap (1.4.6)
      msgpack (~> 1.0)
    builder (3.2.4)
    bullet (6.1.0)
      activesupport (>= 3.0.0)
      uniform_notifier (~> 1.11)
    byebug (11.1.3)
    capybara (3.32.2)
      addressable
      mini_mime (>= 0.1.3)
      nokogiri (~> 1.8)
      rack (>= 1.6.0)
      rack-test (>= 0.6.3)
      regexp_parser (~> 1.5)
      xpath (~> 3.2)
    childprocess (3.0.0)
    coderay (1.1.3)
    committee (4.3.0)
      json_schema (~> 0.14, >= 0.14.3)
      openapi_parser (>= 0.11.1)
      rack (>= 1.5)
    committee-rails (0.5.1)
      actionpack
      activesupport
      committee (>= 3.0.0)
      railties
    concurrent-ruby (1.1.9)
    content_disposition (1.0.0)
    crass (1.0.6)
    debase (0.2.5.beta2)
      debase-ruby_core_source (>= 0.10.12)
    debase-ruby_core_source (0.10.12)
    diff-lcs (1.4.2)
    docile (1.3.2)
    down (5.2.0)
      addressable (~> 2.5)
    erubi (1.10.0)
    factory_bot (6.1.0)
      activesupport (>= 5.0.0)
    factory_bot_rails (6.1.0)
      factory_bot (~> 6.1.0)
      railties (>= 5.0.0)
    faraday (1.1.0)
      multipart-post (>= 1.2, < 3)
      ruby2_keywords
    ffi (1.15.4)
    globalid (0.5.2)
      activesupport (>= 5.0)
    hashie (4.1.0)
    i18n (1.8.11)
      concurrent-ruby (~> 1.0)
    image_processing (1.12.2)
      mini_magick (>= 4.9.5, < 5)
      ruby-vips (>= 2.0.17, < 3)
    jbuilder (2.10.0)
      activesupport (>= 5.0.0)
    jmespath (1.4.0)
    json_schema (0.20.9)
    jwt (2.2.2)
    language_server-protocol (3.16.0.3)
    listen (3.7.0)
      rb-fsevent (~> 0.10, >= 0.10.3)
      rb-inotify (~> 0.9, >= 0.9.10)
    loofah (2.12.0)
      crass (~> 1.0.2)
      nokogiri (>= 1.5.9)
    mail (2.7.1)
      mini_mime (>= 0.1.1)
    marcel (1.0.2)
    method_source (1.0.0)
    mini_magick (4.11.0)
    mini_mime (1.1.2)
    mini_portile2 (2.6.1)
    minitest (5.14.4)
    msgpack (1.3.3)
    multi_json (1.15.0)
    multi_xml (0.6.0)
    multipart-post (2.1.1)
    mysql2 (0.5.3)
    nio4r (2.5.8)
    nokogiri (1.12.5)
      mini_portile2 (~> 2.6.1)
      racc (~> 1.4)
    oauth2 (1.4.4)
      faraday (>= 0.8, < 2.0)
      jwt (>= 1.0, < 3.0)
      multi_json (~> 1.3)
      multi_xml (~> 0.5)
      rack (>= 1.2, < 3)
    octokit (4.21.0)
      faraday (>= 0.9)
      sawyer (~> 0.8.0, >= 0.5.3)
    omniauth (1.9.1)
      hashie (>= 3.4.6)
      rack (>= 1.6.2, < 3)
    omniauth-auth0 (2.4.1)
      omniauth-oauth2 (~> 1.5)
    omniauth-oauth2 (1.7.0)
      oauth2 (~> 1.4)
      omniauth (~> 1.9)
    omniauth-rails_csrf_protection (0.1.2)
      actionpack (>= 4.2)
      omniauth (>= 1.3.1)
    openapi_parser (0.12.1)
    opentelemetry-api (1.0.0)
    opentelemetry-common (0.19.2)
      opentelemetry-api (~> 1.0)
    opentelemetry-exporter-jaeger (0.20.1)
      opentelemetry-api (~> 1.0)
      opentelemetry-common (~> 0.19.2)
      opentelemetry-sdk (~> 1.0)
      thrift
    opentelemetry-instrumentation-action_pack (0.1.2)
      opentelemetry-api (~> 1.0)
      opentelemetry-instrumentation-base (~> 0.18.3)
      opentelemetry-instrumentation-rack (~> 0.20.0)
    opentelemetry-instrumentation-action_view (0.1.3)
      opentelemetry-api (~> 1.0.0)
      opentelemetry-instrumentation-base (~> 0.18.0)
    opentelemetry-instrumentation-active_job (0.1.4)
      opentelemetry-api (~> 1.0)
      opentelemetry-instrumentation-base (~> 0.18.3)
    opentelemetry-instrumentation-active_model_serializers (0.18.3)
      opentelemetry-api (~> 1.0)
      opentelemetry-instrumentation-base (~> 0.18.3)
    opentelemetry-instrumentation-active_record (0.2.1)
      opentelemetry-api (~> 1.0)
      opentelemetry-instrumentation-base (~> 0.18.3)
    opentelemetry-instrumentation-all (0.21.3)
      opentelemetry-instrumentation-action_pack (~> 0.1.1)
      opentelemetry-instrumentation-action_view (~> 0.1.2)
      opentelemetry-instrumentation-active_job (~> 0.1.4)
      opentelemetry-instrumentation-active_model_serializers (~> 0.18.3)
      opentelemetry-instrumentation-active_record (~> 0.2.1)
      opentelemetry-instrumentation-bunny (~> 0.18.3)
      opentelemetry-instrumentation-concurrent_ruby (~> 0.19.1)
      opentelemetry-instrumentation-dalli (~> 0.19.1)
      opentelemetry-instrumentation-delayed_job (~> 0.18.3)
      opentelemetry-instrumentation-ethon (~> 0.19.2)
      opentelemetry-instrumentation-excon (~> 0.19.2)
      opentelemetry-instrumentation-faraday (~> 0.19.2)
      opentelemetry-instrumentation-graphql (~> 0.19.1)
      opentelemetry-instrumentation-http (~> 0.19.2)
      opentelemetry-instrumentation-http_client (~> 0.19.2)
      opentelemetry-instrumentation-koala (~> 0.18.3)
      opentelemetry-instrumentation-lmdb (~> 0.19.1)
      opentelemetry-instrumentation-mongo (~> 0.18.3)
      opentelemetry-instrumentation-mysql2 (~> 0.19.1)
      opentelemetry-instrumentation-net_http (~> 0.19.2)
      opentelemetry-instrumentation-pg (~> 0.19.1)
      opentelemetry-instrumentation-que (~> 0.1.1)
      opentelemetry-instrumentation-rack (~> 0.20.0)
      opentelemetry-instrumentation-rails (~> 0.19.3)
      opentelemetry-instrumentation-redis (~> 0.21.1)
      opentelemetry-instrumentation-resque (~> 0.1.2)
      opentelemetry-instrumentation-restclient (~> 0.19.2)
      opentelemetry-instrumentation-ruby_kafka (~> 0.18.4)
      opentelemetry-instrumentation-sidekiq (~> 0.20.1)
      opentelemetry-instrumentation-sinatra (~> 0.19.2)
    opentelemetry-instrumentation-base (0.18.3)
      opentelemetry-api (~> 1.0)
    opentelemetry-instrumentation-bunny (0.18.3)
      opentelemetry-api (~> 1.0)
      opentelemetry-instrumentation-base (~> 0.18.3)
    opentelemetry-instrumentation-concurrent_ruby (0.19.1)
      opentelemetry-api (~> 1.0)
      opentelemetry-instrumentation-base (~> 0.18.3)
    opentelemetry-instrumentation-dalli (0.19.1)
      opentelemetry-api (~> 1.0)
      opentelemetry-common (~> 0.19.2)
      opentelemetry-instrumentation-base (~> 0.18.3)
    opentelemetry-instrumentation-delayed_job (0.18.3)
      opentelemetry-api (~> 1.0)
      opentelemetry-instrumentation-base (~> 0.18.3)
    opentelemetry-instrumentation-ethon (0.19.2)
      opentelemetry-api (~> 1.0)
      opentelemetry-common (~> 0.19.2)
      opentelemetry-instrumentation-base (~> 0.18.3)
    opentelemetry-instrumentation-excon (0.19.2)
      opentelemetry-api (~> 1.0)
      opentelemetry-common (~> 0.19.2)
      opentelemetry-instrumentation-base (~> 0.18.3)
    opentelemetry-instrumentation-faraday (0.19.2)
      opentelemetry-api (~> 1.0)
      opentelemetry-common (~> 0.19.2)
      opentelemetry-instrumentation-base (~> 0.18.3)
    opentelemetry-instrumentation-graphql (0.19.1)
      opentelemetry-api (~> 1.0)
      opentelemetry-instrumentation-base (~> 0.18.3)
    opentelemetry-instrumentation-http (0.19.2)
      opentelemetry-api (~> 1.0)
      opentelemetry-instrumentation-base (~> 0.18.3)
    opentelemetry-instrumentation-http_client (0.19.2)
      opentelemetry-api (~> 1.0)
      opentelemetry-common (~> 0.19.2)
      opentelemetry-instrumentation-base (~> 0.18.3)
    opentelemetry-instrumentation-koala (0.18.3)
      opentelemetry-api (~> 1.0)
      opentelemetry-common (~> 0.19.2)
      opentelemetry-instrumentation-base (~> 0.18.3)
    opentelemetry-instrumentation-lmdb (0.19.1)
      opentelemetry-api (~> 1.0)
      opentelemetry-instrumentation-base (~> 0.18.3)
    opentelemetry-instrumentation-mongo (0.18.3)
      opentelemetry-api (~> 1.0)
      opentelemetry-instrumentation-base (~> 0.18.3)
    opentelemetry-instrumentation-mysql2 (0.19.1)
      opentelemetry-api (~> 1.0)
      opentelemetry-instrumentation-base (~> 0.18.3)
    opentelemetry-instrumentation-net_http (0.19.2)
      opentelemetry-api (~> 1.0)
      opentelemetry-common (~> 0.19.2)
      opentelemetry-instrumentation-base (~> 0.18.3)
    opentelemetry-instrumentation-pg (0.19.1)
      opentelemetry-api (~> 1.0)
      opentelemetry-instrumentation-base (~> 0.18.3)
    opentelemetry-instrumentation-que (0.1.1)
      opentelemetry-api (~> 1.0)
      opentelemetry-instrumentation-base (~> 0.18.3)
    opentelemetry-instrumentation-rack (0.20.0)
      opentelemetry-api (~> 1.0)
      opentelemetry-instrumentation-base (~> 0.18.3)
    opentelemetry-instrumentation-rails (0.19.4)
      opentelemetry-api (~> 1.0)
      opentelemetry-instrumentation-action_pack (~> 0.1.2)
      opentelemetry-instrumentation-action_view (~> 0.1.3)
      opentelemetry-instrumentation-active_record (~> 0.2.0)
      opentelemetry-instrumentation-base (~> 0.18.3)
    opentelemetry-instrumentation-redis (0.21.1)
      opentelemetry-api (~> 1.0)
      opentelemetry-common (~> 0.19.2)
      opentelemetry-instrumentation-base (~> 0.18.3)
    opentelemetry-instrumentation-resque (0.1.2)
      opentelemetry-api (~> 1.0)
      opentelemetry-instrumentation-base (~> 0.18.3)
    opentelemetry-instrumentation-restclient (0.19.2)
      opentelemetry-api (~> 1.0)
      opentelemetry-common (~> 0.19.2)
      opentelemetry-instrumentation-base (~> 0.18.3)
    opentelemetry-instrumentation-ruby_kafka (0.18.4)
      opentelemetry-api (~> 1.0)
      opentelemetry-instrumentation-base (~> 0.18.3)
    opentelemetry-instrumentation-sidekiq (0.20.1)
      opentelemetry-api (~> 1.0)
      opentelemetry-common (~> 0.19.2)
      opentelemetry-instrumentation-base (~> 0.18.3)
    opentelemetry-instrumentation-sinatra (0.19.2)
      opentelemetry-api (~> 1.0)
      opentelemetry-instrumentation-base (~> 0.18.3)
    opentelemetry-sdk (1.0.1)
      opentelemetry-api (~> 1.0)
      opentelemetry-common (~> 0.19.2)
      opentelemetry-instrumentation-base (~> 0.18.3)
      opentelemetry-semantic_conventions
    opentelemetry-semantic_conventions (1.6.1)
      opentelemetry-api (~> 1.0)
    parallel (1.21.0)
    parser (3.0.2.0)
      ast (~> 2.4.1)
    prometheus-client (3.0.0)
    pry (0.13.1)
      coderay (~> 1.1)
      method_source (~> 1.0)
    pry-rails (0.3.9)
      pry (>= 0.10.4)
    public_suffix (4.0.6)
    puma (4.3.11)
      nio4r (~> 2.0)
    pundit (2.1.0)
      activesupport (>= 3.0.0)
    racc (1.6.0)
    rack (2.2.3)
    rack-proxy (0.6.5)
      rack
    rack-test (1.1.0)
      rack (>= 1.0, < 3)
    rack-timeout (0.6.0)
    rails (6.0.4.1)
      actioncable (= 6.0.4.1)
      actionmailbox (= 6.0.4.1)
      actionmailer (= 6.0.4.1)
      actionpack (= 6.0.4.1)
      actiontext (= 6.0.4.1)
      actionview (= 6.0.4.1)
      activejob (= 6.0.4.1)
      activemodel (= 6.0.4.1)
      activerecord (= 6.0.4.1)
      activestorage (= 6.0.4.1)
      activesupport (= 6.0.4.1)
      bundler (>= 1.3.0)
      railties (= 6.0.4.1)
      sprockets-rails (>= 2.0.0)
    rails-dom-testing (2.0.3)
      activesupport (>= 4.2.0)
      nokogiri (>= 1.6)
    rails-html-sanitizer (1.4.2)
      loofah (~> 2.3)
    rails_autolink (1.1.6)
      rails (> 3.1)
    railties (6.0.4.1)
      actionpack (= 6.0.4.1)
      activesupport (= 6.0.4.1)
      method_source
      rake (>= 0.8.7)
      thor (>= 0.20.3, < 2.0)
    rainbow (3.0.0)
    rake (13.0.6)
    rb-fsevent (0.11.0)
    rb-inotify (0.10.1)
      ffi (~> 1.0)
    rbs (1.7.0.beta.2)
    rbs_rails (0.9.0)
      parser
      rbs (>= 1)
    redcarpet (3.5.1)
    redis (4.2.1)
    redis-actionpack (5.2.0)
      actionpack (>= 5, < 7)
      redis-rack (>= 2.1.0, < 3)
      redis-store (>= 1.1.0, < 2)
    redis-activesupport (5.2.0)
      activesupport (>= 3, < 7)
      redis-store (>= 1.3, < 2)
    redis-rack (2.1.2)
      rack (>= 2.0.8, < 3)
      redis-store (>= 1.2, < 2)
    redis-rails (5.0.2)
      redis-actionpack (>= 5.0, < 6)
      redis-activesupport (>= 5.0, < 6)
      redis-store (>= 1.2, < 2)
    redis-store (1.9.0)
      redis (>= 4, < 5)
    regexp_parser (1.8.2)
    rexml (3.2.5)
    roda (3.40.0)
      rack
    rspec-core (3.9.2)
      rspec-support (~> 3.9.3)
    rspec-expectations (3.9.2)
      diff-lcs (>= 1.2.0, < 2.0)
      rspec-support (~> 3.9.0)
    rspec-mocks (3.9.1)
      diff-lcs (>= 1.2.0, < 2.0)
      rspec-support (~> 3.9.0)
    rspec-rails (4.0.1)
      actionpack (>= 4.2)
      activesupport (>= 4.2)
      railties (>= 4.2)
      rspec-core (~> 3.9)
      rspec-expectations (~> 3.9)
      rspec-mocks (~> 3.9)
      rspec-support (~> 3.9)
    rspec-support (3.9.3)
    rubocop (1.22.3)
      parallel (~> 1.10)
      parser (>= 3.0.0.0)
      rainbow (>= 2.2.2, < 4.0)
      regexp_parser (>= 1.8, < 3.0)
      rexml
      rubocop-ast (>= 1.12.0, < 2.0)
      ruby-progressbar (~> 1.7)
      unicode-display_width (>= 1.4.0, < 3.0)
    rubocop-ast (1.13.0)
      parser (>= 3.0.1.1)
    rubocop-rails (2.9.1)
      activesupport (>= 4.2.0)
      rack (>= 1.1)
      rubocop (>= 0.90.0, < 2.0)
    rubocop-rspec (2.6.0)
      rubocop (~> 1.19)
    ruby-debug-ide (0.7.3)
      rake (>= 0.8.1)
    ruby-progressbar (1.11.0)
    ruby-vips (2.1.4)
      ffi (~> 1.12)
    ruby2_keywords (0.0.2)
    rubyzip (2.3.0)
    sass-rails (6.0.0)
      sassc-rails (~> 2.1, >= 2.1.1)
    sassc (2.4.0)
      ffi (~> 1.9)
    sassc-rails (2.1.2)
      railties (>= 4.0.0)
      sassc (>= 2.0)
      sprockets (> 3.0)
      sprockets-rails
      tilt
    sawyer (0.8.2)
      addressable (>= 2.3.5)
      faraday (> 0.8, < 2.0)
    seed-fu (2.3.9)
      activerecord (>= 3.1)
      activesupport (>= 3.1)
    selenium-webdriver (3.142.7)
      childprocess (>= 0.5, < 4.0)
      rubyzip (>= 1.2.2)
    sentry-rails (4.8.0)
      railties (>= 5.0)
      sentry-ruby-core (~> 4.8.0)
    sentry-ruby (4.8.0)
      concurrent-ruby (~> 1.0, >= 1.0.2)
      faraday (>= 1.0)
      sentry-ruby-core (= 4.8.0)
    sentry-ruby-core (4.8.0)
      concurrent-ruby
      faraday
    shrine (3.3.0)
      content_disposition (~> 1.0)
      down (~> 5.1)
    simplecov (0.19.0)
      docile (~> 1.1)
      simplecov-html (~> 0.11)
    simplecov-html (0.12.3)
    slack-incoming-webhooks (0.3.0)
    spring (2.1.0)
    spring-commands-rspec (1.0.4)
      spring (>= 0.9.1)
    spring-watcher-listen (2.0.1)
      listen (>= 2.7, < 4.0)
      spring (>= 1.2, < 3.0)
    sprockets (4.0.2)
      concurrent-ruby (~> 1.0)
      rack (> 1, < 3)
    sprockets-rails (3.2.2)
      actionpack (>= 4.0)
      activesupport (>= 4.0)
      sprockets (>= 3.0.0)
    terminal-table (3.0.2)
      unicode-display_width (>= 1.1.1, < 3)
    thor (1.1.0)
    thread_safe (0.3.6)
    thrift (0.15.0)
    tilt (2.0.10)
    turbolinks (5.2.1)
      turbolinks-source (~> 5.2)
    turbolinks-source (5.2.0)
    tzinfo (1.2.9)
      thread_safe (~> 0.1)
    unicode-display_width (2.1.0)
    uniform_notifier (1.13.0)
    uppy-s3_multipart (0.3.4)
      aws-sdk-s3 (~> 1.0)
      content_disposition (~> 1.0)
      roda (>= 2.27, < 4)
    web-console (4.0.2)
      actionview (>= 6.0.0)
      activemodel (>= 6.0.0)
      bindex (>= 0.4.0)
      railties (>= 6.0.0)
    webdrivers (4.4.1)
      nokogiri (~> 1.6)
      rubyzip (>= 1.3.0)
      selenium-webdriver (>= 3.0, < 4.0)
    webpacker (4.2.2)
      activesupport (>= 4.2)
      rack-proxy (>= 0.6.1)
      railties (>= 4.2)
    websocket-driver (0.7.5)
      websocket-extensions (>= 0.1.0)
    websocket-extensions (0.1.5)
    xpath (3.2.0)
      nokogiri (~> 1.8)
    zeitwerk (2.5.1)

PLATFORMS
  ruby

DEPENDENCIES
  active_hash
  activerecord-nulldb-adapter
  annotate
  awesome_nested_set
  aws-sdk-ivs
  aws-sdk-medialive
  aws-sdk-mediapackage
  aws-sdk-rails
  aws-sdk-s3 (~> 1.14)
  aws-sdk-ssm
  bootsnap (>= 1.4.2)
  bullet
  byebug
  capybara (>= 2.15)
  committee
  committee-rails
  debase (= 0.2.5.beta2)
  factory_bot_rails
  image_processing (~> 1.12.2)
  jbuilder (~> 2.7)
  listen (~> 3.2)
  mysql2 (~> 0.5.3)
  octokit (~> 4.0)
  omniauth-auth0 (~> 2.4)
  omniauth-rails_csrf_protection (~> 0.1)
  opentelemetry-exporter-jaeger
  opentelemetry-instrumentation-all
  opentelemetry-sdk
  prometheus-client (~> 3.0.0)
  pry-rails
  puma (~> 4.3)
  pundit
  rack-timeout
  rails (~> 6.0.3, >= 6.0.3.1)
  rails_autolink
  rbs (= 1.7.0.beta.2)
  rbs_rails
  redcarpet
  redis-rails
  rexml (~> 3.2, >= 3.2.4)
  rspec-rails
  rubocop (~> 1.22.0)
  rubocop-rails
  rubocop-rspec (>= 2.0.0)
  ruby-debug-ide
  sass-rails (>= 6)
  seed-fu
  selenium-webdriver
  sentry-rails
  sentry-ruby
  shrine (~> 3.3)
  simplecov
  slack-incoming-webhooks
  spring
  spring-commands-rspec
  spring-watcher-listen (~> 2.0.0)
  steep!
  turbolinks (~> 5)
  tzinfo-data
  uppy-s3_multipart (~> 0.3)
  web-console (>= 3.3.0)
  webdrivers
  webpacker (~> 4.0)

RUBY VERSION
   ruby 3.0.2p107

BUNDLED WITH
   2.2.22
